GEM
  remote: https://rubygems.org/
  specs:
    apetag (1.1.5)
      cicphash (>= 1.0.0)
    awesome_print (1.6.1)
    cicphash (1.1.0)
    dotenv (2.0.2)
    flacinfo-rb (1.0)
    moumar-wmainfo-rb (0.8)
    mp4info (1.7.3)
    ruby-audioinfo (0.5.1)
      apetag (>= 1.1.4)
      flacinfo-rb (>= 0.4)
      moumar-wmainfo-rb (>= 0.7)
      mp4info (>= 1.7.3)
      ruby-mp3info (>= 0.8)
      ruby-ogginfo (>= 0.7)
      wavefile (>= 0.6.0)
    ruby-mp3info (0.8.6)
    ruby-ogginfo (0.7.2)
    taglib-ruby (0.7.0)
    wavefile (0.6.0)

PLATFORMS
  ruby

DEPENDENCIES
  awesome_print
  dotenv
  ruby-audioinfo
  taglib-ruby

BUNDLED WITH
   1.10.6
